GEM
  remote: https://rubygems.org/
  specs:
    terminal-table (3.0.2)
      unicode-display_width (>= 1.1.1, < 3)
    unicode-display_width (2.6.0)

PLATFORMS
  ruby
  x86_64-linux

DEPENDENCIES
  terminal-table

RUBY VERSION
   ruby 3.0.2p107

BUNDLED WITH
   2.5.23
